{
	"Modality": "MR",
	"MagneticFieldStrength": 3,
	"ImagingFrequency": 123.232,
	"Manufacturer": "Siemens",
	"ManufacturersModelName": "Prisma_fit",
	"InstitutionName": "UCSB Brain Imaging Center",
	"InstitutionalDepartmentName": "Psych Department",
	"InstitutionAddress": "UCEN Rd 551   Bldg 251,Isla Vista,Los Angeles,US,93117",
	"DeviceSerialNumber": "67022",
	"StationName": "MRC35273",
	"BodyPartExamined": "BRAIN",
	"PatientPosition": "HFS",
	"ProcedureStepDescription": "Grafton^Dundon",
	"SoftwareVersions": "syngo MR E11",
	"MRAcquisitionType": "2D",
	"SeriesDescription": "gre_field_mapping_2.5mm_54-slices",
	"ProtocolName": "gre_field_mapping_2.5mm_54-slices",
	"ScanningSequence": "GR",
	"SequenceVariant": "SP",
	"SequenceName": "*fm2d2r",
	"ImageType": ["ORIGINAL", "PRIMARY", "M", "ND"],
	"SeriesNumber": 6,
	"AcquisitionTime": "17:18:44.915000",
	"AcquisitionNumber": 1,
	"SliceThickness": 2.5,
	"SpacingBetweenSlices": 2.5,
	"SAR": 0.0697595,
	"EchoNumber": 1,
	"EchoTime": 0.00492,
	"RepetitionTime": 0.758,
	"FlipAngle": 60,
	"PartialFourier": 1,
	"BaseResolution": 80,
	"ShimSetting": [
		-4129,
		1347,
		-5795,
		466,
		42,
		-49,
		-179,
		48	],
	"TxRefAmp": 218.947,
	"PhaseResolution": 1,
	"ReceiveCoilName": "HeadNeck_64",
	"ReceiveCoilActiveElements": "HC1-7;NC1",
	"PulseSequenceDetails": "%SiemensSeq%\\gre_field_mapping",
	"ConsistencyInfo": "N4_VE11C_LATEST_20160120",
	"PercentPhaseFOV": 100,
	"PercentSampling": 100,
	"PhaseEncodingSteps": 80,
	"AcquisitionMatrixPE": 80,
	"ReconMatrixPE": 80,
	"PixelBandwidth": 600,
	"DwellTime": 1.04e-05,
	"PhaseEncodingDirection": "j-",
	"SliceTiming": [
		0.39062,
		0,
		0.40625,
		0.01562,
		0.40625,
		0.03125,
		0.42188,
		0.04688,
		0.4375,
		0.0625,
		0.45312,
		0.07812,
		0.46875,
		0.09375,
		0.48438,
		0.10938,
		0.5,
		0.10938,
		0.51562,
		0.125,
		0.53125,
		0.14062,
		0.53125,
		0.15625,
		0.54688,
		0.17188,
		0.5625,
		0.1875,
		0.57812,
		0.20312,
		0.59375,
		0.21875,
		0.60938,
		0.23438,
		0.625,
		0.25,
		0.64062,
		0.25,
		0.65625,
		0.26562,
		0.65625,
		0.28125,
		0.67188,
		0.29688,
		0.6875,
		0.3125,
		0.70312,
		0.32812,
		0.71875,
		0.34375,
		0.73438,
		0.35938,
		0.75,
		0.375	],
	"ImageOrientationPatientDICOM": [
		0.998179,
		0.0571737,
		-0.0192201,
		-0.0600021,
		0.908631,
		-0.413268	],
	"InPlanePhaseEncodingDirectionDICOM": "COL",
	"ConversionSoftware": "dcm2niix",
	"ConversionSoftwareVersion": "v1.0.20210317"
}
