{
	"Modality": "MR",
	"MagneticFieldStrength": 3,
	"ImagingFrequency": 123.216,
	"Manufacturer": "Siemens",
	"ManufacturersModelName": "Prisma_fit",
	"InstitutionName": "UCSB Brain Imaging Center",
	"InstitutionalDepartmentName": "Psych Department",
	"InstitutionAddress": "UCEN Rd 551   Bldg 251,Isla Vista,Los Angeles,US,93117",
	"DeviceSerialNumber": "67022",
	"StationName": "MRC35273",
	"BodyPartExamined": "BRAIN",
	"PatientPosition": "HFS",
	"ProcedureStepDescription": "Grafton^Dundon",
	"SoftwareVersions": "syngo MR E11",
	"MRAcquisitionType": "2D",
	"SeriesDescription": "gre_field_mapping_2.5mm_54-slices",
	"ProtocolName": "gre_field_mapping_2.5mm_54-slices",
	"ScanningSequence": "GR",
	"SequenceVariant": "SP",
	"SequenceName": "*fm2d2r",
	"ImageType": ["ORIGINAL", "PRIMARY", "P", "ND", "PHASE"],
	"SeriesNumber": 7,
	"AcquisitionTime": "12:28:8.180000",
	"AcquisitionNumber": 1,
	"SliceThickness": 2.5,
	"SpacingBetweenSlices": 2.5,
	"SAR": 0.0853453,
	"EchoNumber": 2,
	"EchoTime": 0.00738,
	"RepetitionTime": 0.758,
	"FlipAngle": 60,
	"EchoTime1": 0.00492,
	"EchoTime2": 0.00738,
	"PartialFourier": 1,
	"BaseResolution": 80,
	"ShimSetting": [
		-4135,
		1372,
		-5851,
		521,
		48,
		64,
		-89,
		22	],
	"TxRefAmp": 229.806,
	"PhaseResolution": 1,
	"ReceiveCoilName": "HeadNeck_64",
	"ReceiveCoilActiveElements": "HC1-7",
	"PulseSequenceDetails": "%SiemensSeq%\\gre_field_mapping",
	"ConsistencyInfo": "N4_VE11C_LATEST_20160120",
	"PercentPhaseFOV": 100,
	"PercentSampling": 100,
	"PhaseEncodingSteps": 80,
	"AcquisitionMatrixPE": 80,
	"ReconMatrixPE": 80,
	"PixelBandwidth": 600,
	"DwellTime": 1.04e-05,
	"PhaseEncodingDirection": "j-",
	"SliceTiming": [
		0.38281,
		0,
		0.39844,
		0.01562,
		0.41406,
		0.03125,
		0.42188,
		0.04688,
		0.4375,
		0.0625,
		0.45312,
		0.07031,
		0.46875,
		0.08594,
		0.48438,
		0.10156,
		0.49219,
		0.11719,
		0.50781,
		0.13281,
		0.52344,
		0.14062,
		0.53906,
		0.15625,
		0.54688,
		0.17188,
		0.5625,
		0.1875,
		0.57812,
		0.20312,
		0.59375,
		0.21875,
		0.60938,
		0.22656,
		0.61719,
		0.24219,
		0.63281,
		0.25781,
		0.64844,
		0.27344,
		0.66406,
		0.28906,
		0.67969,
		0.29688,
		0.6875,
		0.3125,
		0.70312,
		0.32812,
		0.71875,
		0.34375,
		0.73438,
		0.35938,
		0.75,
		0.36719	],
	"ImageOrientationPatientDICOM": [
		0.99971,
		0.0112457,
		0.0212957,
		-0.00139582,
		0.909847,
		-0.414942	],
	"InPlanePhaseEncodingDirectionDICOM": "COL",
	"ConversionSoftware": "dcm2niix",
	"ConversionSoftwareVersion": "v1.0.20210317"
}
