{
	"Modality": "MR",
	"MagneticFieldStrength": 3,
	"ImagingFrequency": 123.221,
	"Manufacturer": "Siemens",
	"ManufacturersModelName": "Prisma_fit",
	"InstitutionName": "UCSB Brain Imaging Center",
	"InstitutionalDepartmentName": "Psych Department",
	"InstitutionAddress": "UCEN Rd 551   Bldg 251,Isla Vista,Los Angeles,US,93117",
	"DeviceSerialNumber": "67022",
	"StationName": "MRC35273",
	"BodyPartExamined": "BRAIN",
	"PatientPosition": "HFS",
	"ProcedureStepDescription": "Grafton^Dundon",
	"SoftwareVersions": "syngo MR E11",
	"MRAcquisitionType": "2D",
	"SeriesDescription": "gre_field_mapping_2.5mm_54-slices",
	"ProtocolName": "gre_field_mapping_2.5mm_54-slices",
	"ScanningSequence": "GR",
	"SequenceVariant": "SP",
	"SequenceName": "*fm2d2r",
	"ImageType": ["ORIGINAL", "PRIMARY", "P", "ND", "PHASE"],
	"SeriesNumber": 7,
	"AcquisitionTime": "09:48:37.625000",
	"AcquisitionNumber": 1,
	"SliceThickness": 2.5,
	"SpacingBetweenSlices": 2.5,
	"SAR": 0.0700458,
	"EchoNumber": 2,
	"EchoTime": 0.00738,
	"RepetitionTime": 0.758,
	"FlipAngle": 60,
	"EchoTime1": 0.00492,
	"EchoTime2": 0.00738,
	"PartialFourier": 1,
	"BaseResolution": 80,
	"ShimSetting": [
		-4161,
		1357,
		-5808,
		482,
		-28,
		-8,
		-28,
		2	],
	"TxRefAmp": 207.16,
	"PhaseResolution": 1,
	"ReceiveCoilName": "HeadNeck_64",
	"ReceiveCoilActiveElements": "HC1-7",
	"PulseSequenceDetails": "%SiemensSeq%\\gre_field_mapping",
	"ConsistencyInfo": "N4_VE11C_LATEST_20160120",
	"PercentPhaseFOV": 100,
	"PercentSampling": 100,
	"PhaseEncodingSteps": 80,
	"AcquisitionMatrixPE": 80,
	"ReconMatrixPE": 80,
	"PixelBandwidth": 600,
	"DwellTime": 1.04e-05,
	"PhaseEncodingDirection": "j-",
	"SliceTiming": [
		0.375,
		0,
		0.39062,
		0.00781,
		0.40625,
		0.02344,
		0.41406,
		0.03906,
		0.42969,
		0.05469,
		0.44531,
		0.07031,
		0.46094,
		0.07812,
		0.47656,
		0.09375,
		0.48438,
		0.10938,
		0.5,
		0.125,
		0.51562,
		0.14062,
		0.53125,
		0.14844,
		0.54688,
		0.16406,
		0.55469,
		0.17969,
		0.57031,
		0.19531,
		0.58594,
		0.21094,
		0.60156,
		0.21875,
		0.61719,
		0.23438,
		0.625,
		0.25,
		0.64062,
		0.26562,
		0.65625,
		0.28125,
		0.67188,
		0.28906,
		0.6875,
		0.30469,
		0.69531,
		0.32031,
		0.71094,
		0.33594,
		0.72656,
		0.34375,
		0.74219,
		0.35938	],
	"ImageOrientationPatientDICOM": [
		0.999303,
		-0.0363013,
		0.00875722,
		0.0373414,
		0.969467,
		-0.242363	],
	"InPlanePhaseEncodingDirectionDICOM": "COL",
	"ConversionSoftware": "dcm2niix",
	"ConversionSoftwareVersion": "v1.0.20210317"
}
