{
	"Modality": "MR",
	"MagneticFieldStrength": 3,
	"ImagingFrequency": 123.226,
	"Manufacturer": "Siemens",
	"ManufacturersModelName": "Prisma_fit",
	"InstitutionName": "UCSB Brain Imaging Center",
	"InstitutionalDepartmentName": "Psych Department",
	"InstitutionAddress": "UCEN Rd 551   Bldg 251,Isla Vista,Los Angeles,US,93117",
	"DeviceSerialNumber": "67022",
	"StationName": "MRC35273",
	"BodyPartExamined": "BRAIN",
	"PatientPosition": "HFS",
	"ProcedureStepDescription": "Grafton^Dundon",
	"SoftwareVersions": "syngo MR E11",
	"MRAcquisitionType": "2D",
	"SeriesDescription": "gre_field_mapping_2.5mm_54-slices",
	"ProtocolName": "gre_field_mapping_2.5mm_54-slices",
	"ScanningSequence": "GR",
	"SequenceVariant": "SP",
	"SequenceName": "*fm2d2r",
	"ImageType": ["ORIGINAL", "PRIMARY", "M", "ND"],
	"SeriesNumber": 6,
	"AcquisitionTime": "10:01:53.487500",
	"AcquisitionNumber": 1,
	"SliceThickness": 2.5,
	"SpacingBetweenSlices": 2.5,
	"SAR": 0.0694696,
	"EchoNumber": 2,
	"EchoTime": 0.00738,
	"RepetitionTime": 0.758,
	"FlipAngle": 60,
	"PartialFourier": 1,
	"BaseResolution": 80,
	"ShimSetting": [
		-4134,
		1405,
		-5927,
		470,
		-8,
		124,
		-184,
		5	],
	"TxRefAmp": 210.959,
	"PhaseResolution": 1,
	"ReceiveCoilName": "HeadNeck_64",
	"ReceiveCoilActiveElements": "HC1-7",
	"PulseSequenceDetails": "%SiemensSeq%\\gre_field_mapping",
	"ConsistencyInfo": "N4_VE11C_LATEST_20160120",
	"PercentPhaseFOV": 100,
	"PercentSampling": 100,
	"PhaseEncodingSteps": 80,
	"AcquisitionMatrixPE": 80,
	"ReconMatrixPE": 80,
	"PixelBandwidth": 600,
	"DwellTime": 1.04e-05,
	"PhaseEncodingDirection": "j-",
	"SliceTiming": [
		0.375,
		0,
		0.39062,
		0.01562,
		0.40625,
		0.03125,
		0.42188,
		0.04688,
		0.4375,
		0.05469,
		0.44531,
		0.07031,
		0.46094,
		0.08594,
		0.47656,
		0.10156,
		0.49219,
		0.10938,
		0.50781,
		0.125,
		0.51562,
		0.14062,
		0.53125,
		0.15625,
		0.54688,
		0.17188,
		0.5625,
		0.17969,
		0.57812,
		0.19531,
		0.58594,
		0.21094,
		0.60156,
		0.22656,
		0.61719,
		0.23438,
		0.63281,
		0.25,
		0.64844,
		0.26562,
		0.66406,
		0.28125,
		0.67188,
		0.29688,
		0.6875,
		0.30469,
		0.70312,
		0.32031,
		0.71875,
		0.33594,
		0.73438,
		0.35156,
		0.74219,
		0.36719	],
	"ImageOrientationPatientDICOM": [
		0.99486,
		0.10124,
		0.00176575,
		-0.0907144,
		0.898907,
		-0.428645	],
	"InPlanePhaseEncodingDirectionDICOM": "COL",
	"ConversionSoftware": "dcm2niix",
	"ConversionSoftwareVersion": "v1.0.20210317"
}
